GEM
  remote: https://rubygems.org/
  specs:
    addressable (2.5.2)
      public_suffix (>= 2.0.2, < 4.0)
    json-schema (2.8.0)
      addressable (>= 2.4)
    open_api_parser (1.3.0)
      addressable (~> 2.3)
      json-schema (~> 2.8)
    public_suffix (3.0.2)

PLATFORMS
  ruby

DEPENDENCIES
  open_api_parser

BUNDLED WITH
   1.16.1
